GEM
  remote: https://rubygems.org/
  specs:
    activesupport (4.2.10)
      i18n (~> 0.7)
      minitest (~> 5.1)
      thread_safe (~> 0.3, >= 0.3.4)
      tzinfo (~> 1.1)
    addressable (2.5.2)
      public_suffix (>= 2.0.2, < 4.0)
    asciidoctor (1.5.6.2)
    coderay (1.1.2)
    colored (1.2)
    colorize (0.8.1)
    concurrent-ruby (1.0.5)
    cri (2.10.1)
      colored (~> 1.2)
    ddmemoize (1.0.0)
      ddmetrics (~> 1.0)
      ref (~> 2.0)
    ddmetrics (1.0.0)
    ddplugin (1.0.2)
    ethon (0.11.0)
      ffi (>= 1.3.0)
    extended-markdown-filter (0.6.0)
      html-pipeline (~> 2.0)
    ffi (1.9.23)
    ffi (1.9.23-x64-mingw32)
    gemoji (3.0.0)
    github-markdown (0.6.9)
    hamster (3.0.0)
      concurrent-ruby (~> 1.0)
    html-pipeline (2.2.4)
      activesupport (>= 2, < 5)
      nokogiri (>= 1.4)
    html-pipeline-asciidoc_filter (1.5.3)
      asciidoctor (~> 1.5.3)
      html-pipeline (~> 2.2.2)
    html-pipeline-rouge_filter (1.0.7)
      activesupport
      html-pipeline (>= 1.11)
      rouge (>= 2.0.0, < 4)
    html-proofer (3.8.0)
      activesupport (>= 4.2, < 6.0)
      addressable (~> 2.3)
      colorize (~> 0.8)
      mercenary (~> 0.3.2)
      nokogiri (~> 1.8.1)
      parallel (~> 1.3)
      typhoeus (~> 1.3)
      yell (~> 2.0)
    i18n (0.9.5)
      concurrent-ruby (~> 1.0)
    liquid (3.0.6)
    mercenary (0.3.6)
    method_source (0.9.0)
    mini_portile2 (2.3.0)
    minitest (5.11.3)
    nanoc (4.9.2)
      addressable (~> 2.5)
      cri (~> 2.8)
      ddmemoize (~> 1.0)
      ddmetrics (~> 1.0)
      ddplugin (~> 1.0)
      hamster (~> 3.0)
      parallel (~> 1.12)
      ref (~> 2.0)
      slow_enumerator_tools (~> 1.0)
      tomlrb (~> 1.2)
    nanoc-conref-fs (0.6.10)
      activesupport (~> 4.2)
      liquid (= 3.0.6)
      nanoc (~> 4.3)
    nanoc-html-pipeline (0.3.4)
      html-pipeline (~> 2.0)
      nanoc (>= 3.1, < 5.0)
    nokogiri (1.8.2)
      mini_portile2 (~> 2.3.0)
    nokogiri (1.8.2-x64-mingw32)
      mini_portile2 (~> 2.3.0)
    parallel (1.12.1)
    pry (0.11.3)
      coderay (~> 1.1.0)
      method_source (~> 0.9.0)
    public_suffix (3.0.2)
    rake (12.3.1)
    ref (2.0.0)
    rouge (3.1.1)
    slow_enumerator_tools (1.1.0)
    thread_safe (0.3.6)
    tomlrb (1.2.6)
    typhoeus (1.3.0)
      ethon (>= 0.9.0)
    tzinfo (1.2.5)
      thread_safe (~> 0.1)
    yell (2.0.7)

PLATFORMS
  ruby
  x64-mingw32

DEPENDENCIES
  activesupport (~> 4.2)
  colorize (~> 0.8.1)
  extended-markdown-filter (~> 0.6)
  gemoji (= 3.0.0)
  github-markdown (~> 0.6.9)
  html-pipeline-asciidoc_filter (~> 1.5)
  html-pipeline-rouge_filter (~> 1.0)
  html-proofer (~> 3.7)
  nanoc (~> 4.9)
  nanoc-conref-fs (~> 0.6)
  nanoc-html-pipeline (= 0.3.4)
  pry
  rake

RUBY VERSION
   ruby 2.5.1p57

BUNDLED WITH
   1.16.1
